GEM
  remote: https://rubygems.org/
  specs:
    icalendar (2.8.0)
      ice_cube (~> 0.16)
    icalendar-recurrence (1.1.3)
      icalendar (~> 2.0)
      ice_cube (~> 0.16)
    ice_cube (0.16.4)

PLATFORMS
  arm64-darwin-22

DEPENDENCIES
  icalendar (~> 2.8)
  icalendar-recurrence (~> 1.1)

BUNDLED WITH
   2.3.26
